GEM
  remote: https://rubygems.org/
  specs:
    nio4r (2.5.3)

PLATFORMS
  ruby

DEPENDENCIES
  nio4r

BUNDLED WITH
   2.1.2
